GEM
  remote: https://rubygems.org/
  specs:
    backports (2.6.1)
    eventmachine (0.12.10)
    json (1.7.3)
    rack (1.4.1)
    rack-protection (1.2.0)
      rack
    rack-test (0.6.1)
      rack (>= 1.0)
    sequel (3.36.1)
    shotgun (0.9)
      rack (>= 1.0)
    sinatra (1.3.2)
      rack (~> 1.3, >= 1.3.6)
      rack-protection (~> 1.2)
      tilt (~> 1.3, >= 1.3.3)
    sinatra-contrib (1.3.1)
      backports (>= 2.0)
      eventmachine
      rack-protection
      rack-test
      sinatra (~> 1.3.0)
      tilt (~> 1.3)
    sinatra-sequel (0.9.0)
      sequel (>= 3.2.0)
      sinatra (>= 0.9.4)
    sqlite3 (1.3.6)
    tilt (1.3.3)

PLATFORMS
  ruby

DEPENDENCIES
  json
  sequel
  shotgun
  sinatra
  sinatra-contrib
  sinatra-sequel
  sqlite3
